PATH
  remote: .
  specs:
    exchanger (0.0.1)
      nokogiri

GEM
  remote: https://rubygems.org/
  specs:
    diff-lcs (1.2.4)
    fakeweb (1.3.0)
    nokogiri (1.5.9)
    rake (10.0.4)
    rspec (2.13.0)
      rspec-core (~> 2.13.0)
      rspec-expectations (~> 2.13.0)
      rspec-mocks (~> 2.13.0)
    rspec-core (2.13.1)
    rspec-expectations (2.13.0)
      diff-lcs (>= 1.1.3, < 2.0)
    rspec-mocks (2.13.1)

PLATFORMS
  ruby

DEPENDENCIES
  bundler (~> 1.3)
  exchanger!
  fakeweb
  rake
  rspec
